GEM
  remote: http://rubygems.org/
  specs:
    minitest (4.7.0)
    mustache (0.99.4)
    rake (10.0.3)

PLATFORMS
  ruby

DEPENDENCIES
  minitest
  mustache
  rake
